GIT
  remote: https://github.com/joncode/resque-heroku-autoscaler.git
  revision: 81b42b88768730bcf1ebafd4c8b4a73d70ded3c8
  specs:
    resque-heroku-autoscaler (0.3.1.15)
      activesupport
      platform-api
      resque (>= 1.8)

GEM
  remote: https://rubygems.org/
  specs:
    actionmailer (4.1.0)
      actionpack (= 4.1.0)
      actionview (= 4.1.0)
      mail (~> 2.5.4)
    actionpack (4.1.0)
      actionview (= 4.1.0)
      activesupport (= 4.1.0)
      rack (~> 1.5.2)
      rack-test (~> 0.6.2)
    actionview (4.1.0)
      activesupport (= 4.1.0)
      builder (~> 3.1)
      erubis (~> 2.7.0)
    active_utils (2.0.2)
      activesupport (>= 2.3.11)
      i18n
    activemerchant (1.42.8)
      active_utils (~> 2.0, >= 2.0.1)
      activesupport (>= 2.3.14, < 5.0.0)
      builder (>= 2.1.2, < 4.0.0)
      i18n (~> 0.5)
      json (~> 1.7)
      money (< 7.0.0)
      nokogiri (~> 1.4)
    activemodel (4.1.0)
      activesupport (= 4.1.0)
      builder (~> 3.1)
    activerecord (4.1.0)
      activemodel (= 4.1.0)
      activesupport (= 4.1.0)
      arel (~> 5.0.0)
    activesupport (4.1.0)
      i18n (~> 0.6, >= 0.6.9)
      json (~> 1.7, >= 1.7.7)
      minitest (~> 5.1)
      thread_safe (~> 0.1)
      tzinfo (~> 1.1)
    addressable (2.3.6)
    annotate (2.4.1.beta1)
    arel (5.0.1.20140414130214)
    authorize-net (1.5.2)
      nokogiri (~> 1.4)
    bcrypt (3.1.7)
    bcrypt-ruby (3.1.5)
      bcrypt (>= 3.1.3)
    builder (3.2.2)
    capybara (1.1.2)
      mime-types (>= 1.16)
      nokogiri (>= 1.3.3)
      rack (>= 1.0.0)
      rack-test (>= 0.5.4)
      selenium-webdriver (~> 2.0)
      xpath (~> 0.1.4)
    celluloid (0.15.2)
      timers (~> 1.1.0)
    celluloid-io (0.15.0)
      celluloid (>= 0.15.0)
      nio4r (>= 0.5.0)
    childprocess (0.5.2)
      ffi (~> 1.0, >= 1.0.11)
    coderay (1.1.0)
    crack (0.4.2)
      safe_yaml (~> 1.0.0)
    database_cleaner (1.2.0)
    diff-lcs (1.2.5)
    erubis (2.7.0)
    excon (0.32.1)
    factory_girl (4.4.0)
      activesupport (>= 3.0.0)
    ffi (1.9.3)
    formatador (0.2.4)
    guard (2.6.0)
      formatador (>= 0.2.4)
      listen (~> 2.7)
      lumberjack (~> 1.0)
      pry (>= 0.9.12)
      thor (>= 0.18.1)
    guard-rspec (3.1.0)
      guard (>= 1.8)
      rspec (~> 2.13)
    heroics (0.0.12)
      erubis (~> 2.7.0)
      excon
      moneta
      multi_json (>= 1.9.2)
      netrc
    hike (1.2.3)
    httparty (0.9.0)
      multi_json (~> 1.0)
      multi_xml
    i18n (0.6.9)
    json (1.7.7)
    kgio (2.9.2)
    launchy (2.4.2)
      addressable (~> 2.3)
    listen (2.7.1)
      celluloid (>= 0.15.2)
      celluloid-io (>= 0.15.0)
      rb-fsevent (>= 0.9.3)
      rb-inotify (>= 0.9)
    lumberjack (1.0.5)
    mail (2.5.4)
      mime-types (~> 1.16)
      treetop (~> 1.4.8)
    mailchimp-api (2.0.4)
      excon (>= 0.16.0)
      json (>= 1.7.7)
    mandrill-api (1.0.51)
      excon (>= 0.16.0, < 1.0)
      json (>= 1.7.7, < 2.0)
    method_source (0.8.2)
    mime-types (1.25.1)
    mini_portile (0.5.3)
    minitest (5.3.3)
    moneta (0.8.0)
    money (6.1.1)
      i18n (~> 0.6.4)
    mono_logger (1.1.0)
    multi_json (1.9.2)
    multi_xml (0.5.5)
    namecase (1.1.0)
    netrc (0.7.7)
    nio4r (1.0.0)
    nokogiri (1.6.1)
      mini_portile (~> 0.5.0)
    pg (0.17.1)
    platform-api (0.2.0)
      heroics (~> 0.0.10)
    polyglot (0.3.4)
    pry (0.9.12.6)
      coderay (~> 1.0)
      method_source (~> 0.8)
      slop (~> 3.4)
    rack (1.5.2)
    rack-protection (1.5.3)
      rack
    rack-test (0.6.2)
      rack (>= 1.0)
    rack-timeout (0.0.4)
    rails (4.1.0)
      actionmailer (= 4.1.0)
      actionpack (= 4.1.0)
      actionview (= 4.1.0)
      activemodel (= 4.1.0)
      activerecord (= 4.1.0)
      activesupport (= 4.1.0)
      bundler (>= 1.3.0, < 2.0)
      railties (= 4.1.0)
      sprockets-rails (~> 2.0)
    rails_12factor (0.0.2)
      rails_serve_static_assets
      rails_stdout_logging
    rails_serve_static_assets (0.0.2)
    rails_stdout_logging (0.0.3)
    railties (4.1.0)
      actionpack (= 4.1.0)
      activesupport (= 4.1.0)
      rake (>= 0.8.7)
      thor (>= 0.18.1, < 2.0)
    raindrops (0.13.0)
    rake (10.2.2)
    rb-fsevent (0.9.4)
    rb-inotify (0.9.3)
      ffi (>= 0.5.0)
    redis (3.0.7)
    redis-namespace (1.4.1)
      redis (~> 3.0.4)
    resque (1.25.2)
      mono_logger (~> 1.0)
      multi_json (~> 1.0)
      redis-namespace (~> 1.3)
      sinatra (>= 0.9.2)
      vegas (~> 0.1.2)
    resque-retry (1.3.0)
      resque (~> 1.25)
      resque-scheduler (~> 3.0)
    resque-scheduler (3.0.0)
      mono_logger (~> 1.0)
      redis (~> 3.0)
      resque (~> 1.25)
      rufus-scheduler (~> 2.0)
    resque_spec (0.15.0)
      resque (>= 1.19.0)
      rspec-core (>= 2.5.0)
      rspec-expectations (>= 2.5.0)
      rspec-mocks (>= 2.5.0)
    rest-client (1.6.7)
      mime-types (>= 1.16)
    roo (1.13.2)
      nokogiri
      rubyzip
      spreadsheet (> 0.6.4)
    rspec (2.13.0)
      rspec-core (~> 2.13.0)
      rspec-expectations (~> 2.13.0)
      rspec-mocks (~> 2.13.0)
    rspec-core (2.13.1)
    rspec-expectations (2.13.0)
      diff-lcs (>= 1.1.3, < 2.0)
    rspec-mocks (2.13.0)
    rspec-rails (2.13.0)
      actionpack (>= 3.0)
      activesupport (>= 3.0)
      railties (>= 3.0)
      rspec-core (~> 2.13.0)
      rspec-expectations (~> 2.13.0)
      rspec-mocks (~> 2.13.0)
    ruby-ole (1.2.11.7)
    rubyzip (1.1.3)
    rufus-scheduler (2.0.24)
      tzinfo (>= 0.3.22)
    safe_yaml (1.0.2)
    selenium-webdriver (2.41.0)
      childprocess (>= 0.5.0)
      multi_json (~> 1.0)
      rubyzip (~> 1.0)
      websocket (~> 1.0.4)
    sinatra (1.4.5)
      rack (~> 1.4)
      rack-protection (~> 1.4)
      tilt (~> 1.3, >= 1.3.4)
    slop (3.5.0)
    spreadsheet (0.9.7)
      ruby-ole (>= 1.0)
    sprockets (2.12.0)
      hike (~> 1.2)
      multi_json (~> 1.0)
      rack (~> 1.0)
      tilt (~> 1.1, != 1.3.0)
    sprockets-rails (2.1.3)
      actionpack (>= 3.0)
      activesupport (>= 3.0)
      sprockets (~> 2.8)
    thor (0.19.1)
    thread_safe (0.3.3)
    tilt (1.4.1)
    timers (1.1.0)
    treetop (1.4.15)
      polyglot
      polyglot (>= 0.3.1)
    tzinfo (1.1.0)
      thread_safe (~> 0.1)
    unicorn (4.8.2)
      kgio (~> 2.6)
      rack
      raindrops (~> 0.7)
    urbanairship (2.3.3)
      json
    vegas (0.1.11)
      rack (>= 1.0.0)
    webmock (1.17.4)
      addressable (>= 2.2.7)
      crack (>= 0.3.2)
    websocket (1.0.7)
    xpath (0.1.4)
      nokogiri (~> 1.3)
    yajl-ruby (1.2.0)

PLATFORMS
  ruby

DEPENDENCIES
  activemerchant
  annotate (~> 2.4.1.beta)
  authorize-net
  bcrypt-ruby
  capybara (= 1.1.2)
  database_cleaner
  factory_girl
  guard
  guard-rspec
  httparty (~> 0.9.0)
  json (~> 1.7.7)
  launchy
  mailchimp-api
  mandrill-api (~> 1.0.35)
  minitest
  namecase (~> 1.1.0)
  pg
  rack-timeout
  rails
  rails_12factor
  rb-fsevent (~> 0.9.1)
  resque
<<<<<<< HEAD
  resque-heroku-autoscaler (~> 0.3.1.15)!
=======
  resque-heroku-autoscaler (~> 0.3.1.13)!
>>>>>>> cb2fe7fad0d48181a8b96caa3c02238cfffcb38b
  resque-retry
  resque_spec
  rest-client
  roo
  rspec-rails (~> 2.13.0)
  unicorn
  urbanairship
  webmock
  yajl-ruby
